GEM
  remote: https://rubygems.org/
  specs:
    doc_raptor (0.5.0)
      httparty (>= 0.7.0)
    htmlentities (4.3.4)
    httparty (0.14.0)
      multi_xml (>= 0.5.2)
    json (2.0.3)
    mini_portile2 (2.1.0)
    multi_xml (0.6.0)
    net-sftp (2.1.2)
      net-ssh (>= 2.6.5)
    net-ssh (3.2.0)
    nokogiri (1.6.8.1)
      mini_portile2 (~> 2.1.0)
    to_xml (0.1.1)
    unidecoder (1.1.2)

PLATFORMS
  ruby

DEPENDENCIES
  doc_raptor (~> 0.5.0)
  htmlentities (~> 4.3.4)
  json (~> 2.0.3)
  net-sftp (~> 2.1.2)
  nokogiri (~> 1.6.8)
  to_xml (~> 0.1.1)
  unidecoder (~> 1.1.2)

BUNDLED WITH
   1.14.6
